GIT
  remote: git://github.com/komagata/dm-tags.git
  revision: 04909e276669367fd1a5174429d0bb26b8b67ae6
  specs:
    dm-tags (1.1.1)
      dm-core (~> 1.1.0)

GIT
  remote: git@github.com:mataki/heroku_backup_task.git
  revision: c7101f1b66fae0b4aadf5cc1c8bb64723589d689
  specs:
    heroku_backup_task (0.0.5.1)
      fog
      heroku (>= 1.13.7)
      rake

GEM
  remote: http://rubygems.org/
  specs:
    abstract (1.0.0)
    activesupport (3.0.7)
    addressable (2.2.6)
    bcrypt-ruby (2.1.4)
    builder (3.0.0)
    data_objects (0.10.6)
      addressable (~> 2.1)
    diff-lcs (1.1.2)
    dm-aggregates (1.1.0)
      dm-core (~> 1.1.0)
    dm-core (1.1.0)
      addressable (~> 2.2.4)
    dm-do-adapter (1.1.0)
      data_objects (~> 0.10.2)
      dm-core (~> 1.1.0)
    dm-is-searchable (1.1.0)
      dm-core (~> 1.1.0)
    dm-is-tree (1.1.0)
      dm-core (~> 1.1.0)
    dm-migrations (1.1.0)
      dm-core (~> 1.1.0)
    dm-mysql-adapter (1.1.0)
      dm-do-adapter (~> 1.1.0)
      do_mysql (~> 0.10.2)
    dm-pager (1.1.0)
      dm-aggregates (>= 0.10.1)
      dm-core (>= 0.10.1)
    dm-postgres-adapter (1.1.0)
      dm-do-adapter (~> 1.1.0)
      do_postgres (~> 0.10.2)
    dm-sqlite-adapter (1.1.0)
      dm-do-adapter (~> 1.1.0)
      do_sqlite3 (~> 0.10.2)
    dm-timestamps (1.1.0)
      dm-core (~> 1.1.0)
    dm-types (1.1.0)
      bcrypt-ruby (~> 2.1.4)
      dm-core (~> 1.1.0)
      fastercsv (~> 1.5.4)
      json (~> 1.4.6)
      stringex (~> 1.2.0)
      uuidtools (~> 2.1.2)
    dm-validations (1.1.0)
      dm-core (~> 1.1.0)
    do_mysql (0.10.6)
      data_objects (= 0.10.6)
    do_postgres (0.10.6)
      data_objects (= 0.10.6)
    do_sqlite3 (0.10.6)
      data_objects (= 0.10.6)
    erubis (2.6.6)
      abstract (>= 1.0.0)
    excon (0.6.5)
    fastercsv (1.5.4)
    fog (0.10.0)
      builder
      excon (~> 0.6.5)
      formatador (~> 0.2.0)
      mime-types
      multi_json (~> 1.0.3)
      net-scp (~> 1.0.4)
      net-ssh (~> 2.1.4)
      nokogiri (~> 1.5.0)
      ruby-hmac
    formatador (0.2.0)
    haml (3.1.1)
    heroku (2.4.1)
      launchy (>= 0.3.2)
      rest-client (~> 1.6.1)
      term-ansicolor (~> 1.0.5)
    i18n (0.5.0)
    json (1.4.6)
    launchy (2.0.5)
      addressable (~> 2.2.6)
    mime-types (1.16)
    multi_json (1.0.3)
    net-scp (1.0.4)
      net-ssh (>= 1.99.1)
    net-ssh (2.1.4)
    nokogiri (1.5.0)
    r18n-core (0.4.9)
    rack (1.3.0)
    rack-flash (0.1.1)
      rack
    rack-test (0.6.0)
      rack (>= 1.0)
    rake (0.8.7)
    rest-client (1.6.3)
      mime-types (>= 1.16)
    rspec (2.6.0)
      rspec-core (~> 2.6.0)
      rspec-expectations (~> 2.6.0)
      rspec-mocks (~> 2.6.0)
    rspec-core (2.6.4)
    rspec-expectations (2.6.0)
      diff-lcs (~> 1.1.2)
    rspec-mocks (2.6.0)
    ruby-hmac (0.4.0)
    sass (3.1.1)
    sinatra (1.2.3)
      rack (~> 1.1)
      tilt (>= 1.2.2, < 2.0)
    sinatra-content-for (0.2)
      sinatra
    sinatra-r18n (0.4.9)
      r18n-core (= 0.4.9)
    slim (0.9.2)
      temple (~> 0.2.0)
      tilt (~> 1.2)
    stringex (1.2.1)
    temple (0.2.0)
    term-ansicolor (1.0.6)
    tilt (1.3.2)
    uuidtools (2.1.2)

PLATFORMS
  ruby

DEPENDENCIES
  activesupport (= 3.0.7)
  builder (= 3.0.0)
  bundler (~> 1.0.7)
  dm-core (= 1.1.0)
  dm-is-searchable (= 1.1.0)
  dm-is-tree (= 1.1.0)
  dm-migrations (= 1.1.0)
  dm-mysql-adapter (= 1.1.0)
  dm-pager (= 1.1.0)
  dm-postgres-adapter (= 1.1.0)
  dm-sqlite-adapter (= 1.1.0)
  dm-tags!
  dm-timestamps (= 1.1.0)
  dm-types (= 1.1.0)
  dm-validations (= 1.1.0)
  erubis (= 2.6.6)
  haml (= 3.1.1)
  heroku_backup_task!
  i18n (= 0.5.0)
  rack-flash (= 0.1.1)
  rack-test (= 0.6.0)
  rake (= 0.8.7)
  rspec (~> 2.5)
  sass (= 3.1.1)
  sinatra (= 1.2.3)
  sinatra-content-for (= 0.2)
  sinatra-r18n (= 0.4.9)
  slim (= 0.9.2)
